PATH
  remote: .
  specs:
    mkm4v (0.0.1)
      fraction (~> 0.1)
      iso-639 (~> 0.0.2)
      plist (~> 3.1.0)
      trollop (~> 1.15)

GEM
  remote: http://rubygems.org/
  specs:
    diff-lcs (1.1.3)
    fakefs (0.4.0)
    fraction (0.3.2)
    hpricot (0.8.6)
    iso-639 (0.0.3)
    mustache (0.99.4)
    plist (3.1.0)
    rake (0.9.2.2)
    rake-compiler (0.8.0)
      rake
    rdiscount (1.6.8)
    ronn (0.7.3)
      hpricot (>= 0.8.2)
      mustache (>= 0.7.0)
      rdiscount (>= 1.5.8)
    rspec (2.9.0)
      rspec-core (~> 2.9.0)
      rspec-expectations (~> 2.9.0)
      rspec-mocks (~> 2.9.0)
    rspec-core (2.9.0)
    rspec-expectations (2.9.1)
      diff-lcs (~> 1.1.3)
    rspec-mocks (2.9.0)
    trollop (1.16.2)

PLATFORMS
  ruby

DEPENDENCIES
  fakefs (~> 0.4.0)
  mkm4v!
  rake-compiler (~> 0.8.0)
  ronn (~> 0.7.3)
  rspec (~> 2.9.0)
